PATH
  remote: .
  specs:
    scruby (0.3)
      concurrent-ruby (~> 1.1)
      concurrent-ruby-edge (~> 0.5.0)
      facets (~> 3.1)
      live (~> 0.1)
      ruby-osc (~> 0.3)
      tty-which (~> 0.4)

GEM
  remote: https://rubygems.org/
  specs:
    byebug (11.0.1)
    concurrent-ruby (1.1.5)
    concurrent-ruby-edge (0.5.0)
      concurrent-ruby (~> 1.1.5)
    diff-lcs (1.3)
    eventmachine (1.2.7)
    facets (3.1.0)
    ffi (1.11.3)
    highline (2.0.3)
    irb (1.2.0)
      reline (>= 0.0.1)
    listen (3.2.1)
      rb-fsevent (~> 0.10, >= 0.10.3)
      rb-inotify (~> 0.9, >= 0.9.10)
    live (0.1.2)
      highline
    rb-fsevent (0.10.3)
    rb-inotify (0.10.0)
      ffi (~> 1.0)
    reline (0.0.7)
    rspec (3.9.0)
      rspec-core (~> 3.9.0)
      rspec-expectations (~> 3.9.0)
      rspec-mocks (~> 3.9.0)
    rspec-core (3.9.0)
      rspec-support (~> 3.9.0)
    rspec-expectations (3.9.0)
      diff-lcs (>= 1.2.0, < 2.0)
      rspec-support (~> 3.9.0)
    rspec-mocks (3.9.0)
      diff-lcs (>= 1.2.0, < 2.0)
      rspec-support (~> 3.9.0)
    rspec-support (3.9.0)
    ruby-osc (0.40.0)
      eventmachine (~> 1.2)
    tty-which (0.4.1)
    zeitwerk (2.2.2)

PLATFORMS
  ruby

DEPENDENCIES
  bundler
  byebug
  irb
  listen
  rspec
  scruby!
  zeitwerk

BUNDLED WITH
   2.0.2
