PATH
  remote: .
  specs:
    scruby (0.3)
      live (~> 0.1)
      ruby-osc (~> 0.3)

GEM
  remote: https://rubygems.org/
  specs:
    diff-lcs (1.3)
    eventmachine (1.2.7)
    highline (2.0.3)
    irb (1.0.0)
    live (0.1.2)
      highline
    rspec (3.9.0)
      rspec-core (~> 3.9.0)
      rspec-expectations (~> 3.9.0)
      rspec-mocks (~> 3.9.0)
    rspec-core (3.9.0)
      rspec-support (~> 3.9.0)
    rspec-expectations (3.9.0)
      diff-lcs (>= 1.2.0, < 2.0)
      rspec-support (~> 3.9.0)
    rspec-mocks (3.9.0)
      diff-lcs (>= 1.2.0, < 2.0)
      rspec-support (~> 3.9.0)
    rspec-support (3.9.0)
    ruby-osc (0.40.0)
      eventmachine (~> 1.2)

PLATFORMS
  ruby

DEPENDENCIES
  bundler
  irb
  rspec
  scruby!

