PATH
  remote: .
  specs:
    scruby (0.2.7.1)
      arguments (~> 0.6)
      live (~> 0.1)
      ruby-osc (~> 0.3)

GEM
  remote: http://rubygems.org/
  specs:
    ParseTree (3.0.7)
      RubyInline (>= 3.7.0)
      sexp_processor (>= 3.0.0)
    RubyInline (3.9.0)
      ZenTest (~> 4.3)
    ZenTest (4.5.0)
    arguments (0.6)
      ParseTree (>= 3.0.3)
      ruby2ruby (= 1.1.9)
      ruby_parser (>= 2.0.2)
    diff-lcs (1.1.2)
    eventmachine (0.12.10)
    highline (1.6.1)
    hoe (2.9.1)
      rake (>= 0.8.7)
    live (0.1.2)
      highline
    rake (13.0.1)
    rspec (2.5.0)
      rspec-core (~> 2.5.0)
      rspec-expectations (~> 2.5.0)
      rspec-mocks (~> 2.5.0)
    rspec-core (2.5.1)
    rspec-expectations (2.5.0)
      diff-lcs (~> 1.1.2)
    rspec-mocks (2.5.0)
    ruby-osc (0.3.2)
      eventmachine (>= 0.12.8)
    ruby2ruby (1.1.9)
      ParseTree
      hoe (>= 1.5.3)
    ruby_parser (2.0.6)
      sexp_processor (~> 3.0)
    sexp_processor (3.0.5)

PLATFORMS
  ruby

DEPENDENCIES
  bundler
  rspec
  scruby!
