PATH
  remote: .
  specs:
    scruby (0.3)
      concurrent-ruby (~> 1.1)
      concurrent-ruby-edge (~> 0.5.0)
      facets (~> 3.1)
      live (~> 0.1)
      ruby-osc (~> 0.3)
      tty-which (~> 0.4)

GEM
  remote: https://rubygems.org/
  specs:
    ast (2.4.0)
    byebug (11.0.1)
    concurrent-ruby (1.1.5)
    concurrent-ruby-edge (0.5.0)
      concurrent-ruby (~> 1.1.5)
    diff-lcs (1.3)
    eventmachine (1.2.7)
    facets (3.1.0)
    ffi (1.11.3)
    highline (2.0.3)
    io-console (0.5.3)
    irb (1.2.1)
      reline (>= 0.0.1)
    jaro_winkler (1.5.4)
    listen (3.2.1)
      rb-fsevent (~> 0.10, >= 0.10.3)
      rb-inotify (~> 0.9, >= 0.9.10)
    live (0.1.2)
      highline
    parallel (1.19.1)
    parser (2.7.0.2)
      ast (~> 2.4.0)
    rainbow (3.0.0)
    rb-fsevent (0.10.3)
    rb-inotify (0.10.1)
      ffi (~> 1.0)
    reline (0.1.2)
      io-console (~> 0.5)
    rspec (3.9.0)
      rspec-core (~> 3.9.0)
      rspec-expectations (~> 3.9.0)
      rspec-mocks (~> 3.9.0)
    rspec-core (3.9.0)
      rspec-support (~> 3.9.0)
    rspec-expectations (3.9.0)
      diff-lcs (>= 1.2.0, < 2.0)
      rspec-support (~> 3.9.0)
    rspec-mocks (3.9.0)
      diff-lcs (>= 1.2.0, < 2.0)
      rspec-support (~> 3.9.0)
    rspec-support (3.9.0)
    rubocop (0.79.0)
      jaro_winkler (~> 1.5.1)
      parallel (~> 1.10)
      parser (>= 2.7.0.1)
      rainbow (>= 2.2.2, < 4.0)
      ruby-progressbar (~> 1.7)
      unicode-display_width (>= 1.4.0, < 1.7)
    ruby-osc (0.40.0)
      eventmachine (~> 1.2)
    ruby-progressbar (1.10.1)
    tty-which (0.4.1)
    unicode-display_width (1.6.1)
    zeitwerk (2.2.2)

PLATFORMS
  ruby

DEPENDENCIES
  bundler
  byebug
  irb
  listen
  rspec
  rubocop
  scruby!
  zeitwerk

BUNDLED WITH
   2.1.4
